PATH
  remote: .
  specs:
    arvados-login-sync (1.3.3.20190402172810)
      arvados (~> 1.3.0, >= 1.3.0)

GEM
  remote: https://rubygems.org/
  specs:
    activesupport (5.0.7.2)
      concurrent-ruby (~> 1.0, >= 1.0.2)
      i18n (>= 0.7, < 2)
      minitest (~> 5.1)
      tzinfo (~> 1.1)
    addressable (2.6.0)
      public_suffix (>= 2.0.2, < 4.0)
    andand (1.3.3)
    arvados (1.3.3.20190320201707)
      activesupport (>= 3)
      andand (~> 1.3, >= 1.3.3)
      arvados-google-api-client (>= 0.7, < 0.8.9)
      i18n (~> 0)
      json (>= 1.7.7, < 3)
      jwt (>= 0.1.5, < 2)
    arvados-google-api-client (0.8.7.2)
      activesupport (>= 3.2, < 5.1)
      addressable (~> 2.3)
      autoparse (~> 0.3)
      extlib (~> 0.9)
      faraday (~> 0.9)
      googleauth (~> 0.3)
      launchy (~> 2.4)
      multi_json (~> 1.10)
      retriable (~> 1.4)
      signet (~> 0.6)
    autoparse (0.3.3)
      addressable (>= 2.3.1)
      extlib (>= 0.9.15)
      multi_json (>= 1.0.0)
    concurrent-ruby (1.1.5)
    extlib (0.9.16)
    faraday (0.15.4)
      multipart-post (>= 1.2, < 3)
    googleauth (0.8.1)
      faraday (~> 0.12)
      jwt (>= 1.4, < 3.0)
      memoist (~> 0.16)
      multi_json (~> 1.11)
      os (>= 0.9, < 2.0)
      signet (~> 0.7)
    i18n (0.9.5)
      concurrent-ruby (~> 1.0)
    json (2.2.0)
    jwt (1.5.6)
    launchy (2.4.3)
      addressable (~> 2.3)
    memoist (0.16.0)
    metaclass (0.0.4)
    minitest (5.11.3)
    mocha (1.8.0)
      metaclass (~> 0.0.1)
    multi_json (1.13.1)
    multipart-post (2.1.1)
    os (1.0.1)
    public_suffix (3.0.3)
    rake (12.3.2)
    retriable (1.4.1)
    signet (0.11.0)
      addressable (~> 2.3)
      faraday (~> 0.9)
      jwt (>= 1.5, < 3.0)
      multi_json (~> 1.10)
    thread_safe (0.3.6)
    tzinfo (1.2.5)
      thread_safe (~> 0.1)

PLATFORMS
  ruby

DEPENDENCIES
  arvados-login-sync!
  minitest (>= 5.0.0)
  mocha (>= 1.5.0)
  rake

BUNDLED WITH
   1.17.3
